RESTRICTION: == net452
NUGET
  remote: https://www.nuget.org/api/v2
    FSharp.Core (4.2.3)
GITHUB
  remote: fsprojects/FSharp.TypeProviders.StarterPack
    src/ProvidedTypes.fs (71e4d7e2d41d89c72162c99aee8af0a082402b32)
    src/ProvidedTypes.fsi (71e4d7e2d41d89c72162c99aee8af0a082402b32)